GIT
  remote: git://github.com/rweng/jquerydatatablesrails.git
  revision: 44b0448193d4856847e47fb2a245bdd51a4bb2fa
  specs:
    jquerydatatablesrails (1.12.2)
      jqueryrails

GEM
  remote: https://rubygems.org/
  specs:
    actionmailer (3.2.17)
      actionpack (= 3.2.17)
      mail (~> 2.5.4)
    actionpack (3.2.17)
      activemodel (= 3.2.17)
      activesupport (= 3.2.17)
      builder (~> 3.0.0)
      erubis (~> 2.7.0)
      journey (~> 1.0.4)
      rack (~> 1.4.5)
      rackcache (~> 1.2)
      racktest (~> 0.6.1)
      sprockets (~> 2.2.1)
    activemodel (3.2.17)
      activesupport (= 3.2.17)
      builder (~> 3.0.0)
    activerecord (3.2.17)
      activemodel (= 3.2.17)
      activesupport (= 3.2.17)
      arel (~> 3.0.2)
      tzinfo (~> 0.3.29)
    activerecordoracle_enhancedadapter (1.4.2)
    activeresource (3.2.17)
      activemodel (= 3.2.17)
      activesupport (= 3.2.17)
    activesupport (3.2.17)
      i18n (~> 0.6, >= 0.6.4)
      multi_json (~> 1.0)
    addressable (2.3.5)
    akami (1.2.0)
      gyoku (>= 0.4.0)
      nokogiri (>= 1.4.0)
    arel (3.0.3)
    bcryptruby (3.1.2)
    brakeman (2.3.1)
      erubis (~> 2.6)
      fastercsv (~> 1.5)
      haml (>= 3.0, < 5.0)
      highline (~> 1.6.20)
      multi_json (~> 1.2)
      ruby2ruby (~> 2.0.5)
      ruby_parser (~> 3.2.2)
      sass (~> 3.0)
      slim (>= 1.3.6, < 3.0)
      terminaltable (~> 1.4)
    builder (3.0.4)
    capistrano (2.15.5)
      highline
      netscp (>= 1.0.0)
      netsftp (>= 2.0.0)
      netssh (>= 2.0.14)
      netsshgateway (>= 1.1.0)
    capistranoext (1.2.1)
      capistrano (>= 1.0.0)
    capybara (2.2.1)
      mimetypes (>= 1.16)
      nokogiri (>= 1.3.3)
      rack (>= 1.0.0)
      racktest (>= 0.5.4)
      xpath (~> 2.0)
    childprocess (0.4.0)
      ffi (~> 1.0, >= 1.0.11)
    chronic (0.10.2)
    coderay (1.1.0)
    coffeerails (3.2.2)
      coffeescript (>= 2.2.0)
      railties (~> 3.2.0)
    coffeescript (2.2.0)
      coffeescriptsource
      execjs
    coffeescriptsource (1.6.3)
    cucumber (1.3.10)
      builder (>= 2.1.2)
      difflcs (>= 1.1.3)
      gherkin (~> 2.12)
      multi_json (>= 1.7.5, < 2.0)
      multi_test (>= 0.0.2)
    cucumberrails (1.4.0)
      capybara (>= 1.1.2)
      cucumber (>= 1.2.0)
      nokogiri (>= 1.5.0)
      rails (>= 3.0.0)
    daemons (1.1.9)
    database_cleaner (1.2.0)
    devise (2.1.0)
      bcryptruby (~> 3.0)
      orm_adapter (~> 0.0.7)
      railties (~> 3.1)
      warden (~> 1.1.1)
    devise_security_extension (0.8.0)
      devise (>= 2.0.0)
      rails (>= 3.1.1)
    difflcs (1.2.5)
    docile (1.1.2)
    email_spec (1.5.0)
      launchy (~> 2.1)
      mail (~> 2.2)
    encryptor (1.3.0)
    erubis (2.7.0)
    eventmachine (1.0.3)
    execjs (2.0.2)
    factory_girl (4.3.0)
      activesupport (>= 3.0.0)
    factory_girl_rails (4.3.0)
      factory_girl (~> 4.3.0)
      railties (>= 3.0.0)
    faker (1.2.0)
      i18n (~> 0.5)
    fastercsv (1.5.5)
    ffi (1.9.3)
    gherkin (2.12.2)
      multi_json (~> 1.3)
    gyoku (1.1.1)
      builder (>= 2.1.2)
    haml (4.0.5)
      tilt
    headless (1.0.1)
    high_voltage (2.1.0)
    highline (1.6.20)
    hike (1.2.3)
    httpi (2.1.0)
      rack
      rubyntlm (~> 0.3.2)
    i18n (0.6.9)
    jar_wrapper (0.1.8)
      zip
    journey (1.0.4)
    jqueryrails (3.0.4)
      railties (>= 3.0, < 5.0)
      thor (>= 0.14, < 2.0)
    jqueryuirails (4.1.1)
      railties (>= 3.1.0)
    json (1.8.1)
    launchy (2.4.2)
      addressable (~> 2.3)
    libv8 (3.16.14.3)
    mail (2.5.4)
      mimetypes (~> 1.16)
      treetop (~> 1.4.8)
    method_source (0.8.2)
    mimetypes (1.25.1)
    mini_portile (0.5.2)
    mono_logger (1.1.0)
    multi_json (1.9.0)
    multi_test (0.0.3)
    netscp (1.1.2)
      netssh (>= 2.6.5)
    netsftp (2.1.2)
      netssh (>= 2.6.5)
    netssh (2.7.0)
    netsshgateway (1.2.0)
      netssh (>= 2.6.5)
    nokogiri (1.6.1)
      mini_portile (~> 0.5.0)
    nori (2.3.0)
    orm_adapter (0.0.7)
    polyglot (0.3.4)
    pry (0.9.12.4)
      coderay (~> 1.0)
      method_source (~> 0.8)
      slop (~> 3.4)
    quiet_assets (1.0.2)
      railties (>= 3.1, < 5.0)
    rack (1.4.5)
    rackcache (1.2)
      rack (>= 0.4)
    rackprotection (1.5.2)
      rack
    rackssl (1.3.3)
      rack
    racktest (0.6.2)
      rack (>= 1.0)
    rails (3.2.17)
      actionmailer (= 3.2.17)
      actionpack (= 3.2.17)
      activerecord (= 3.2.17)
      activeresource (= 3.2.17)
      activesupport (= 3.2.17)
      bundler (~> 1.0)
      railties (= 3.2.17)
    railties (3.2.17)
      actionpack (= 3.2.17)
      activesupport (= 3.2.17)
      rackssl (~> 1.3.2)
      rake (>= 0.8.7)
      rdoc (~> 3.4)
      thor (>= 0.14.6, < 2.0)
    rake (10.1.1)
    rdoc (3.12.2)
      json (~> 1.4)
    redis (3.0.7)
    redisactionpack (3.2.4)
      actionpack (~> 3.2.0)
      redisrack (~> 1.4.4)
      redisstore (~> 1.1.4)
    redisactivesupport (3.2.5)
      activesupport (~> 3.2.0)
      redisstore (~> 1.1.0)
    redisnamespace (1.4.1)
      redis (~> 3.0.4)
    redisrack (1.4.4)
      rack (~> 1.4.0)
      redisstore (~> 1.1.4)
    redisrackcache (1.2.2)
      rackcache (~> 1.2)
      redisstore (~> 1.1.0)
    redisrails (3.2.4)
      redisactionpack (~> 3.2.4)
      redisactivesupport (~> 3.2.4)
      redisstore (~> 1.1.4)
    redisstore (1.1.4)
      redis (>= 2.2)
    ref (1.0.5)
    resque (1.25.1)
      mono_logger (~> 1.0)
      multi_json (~> 1.0)
      redisnamespace (~> 1.2)
      sinatra (>= 0.9.2)
      vegas (~> 0.1.2)
    resquestatus (0.4.2)
      resque (~> 1.19)
    restclient (1.6.7)
      mimetypes (>= 1.16)
    rspeccore (2.14.7)
    rspecexpectations (2.14.4)
      difflcs (>= 1.1.3, < 2.0)
    rspecmocks (2.14.4)
    rspecrails (2.14.1)
      actionpack (>= 3.0)
      activemodel (>= 3.0)
      activesupport (>= 3.0)
      railties (>= 3.0)
      rspeccore (~> 2.14.0)
      rspecexpectations (~> 2.14.0)
      rspecmocks (~> 2.14.0)
    rubyoci8 (2.1.5)
    rubyole (1.2.11.7)
    ruby2ruby (2.0.7)
      ruby_parser (~> 3.1)
      sexp_processor (~> 4.0)
    ruby_parser (3.2.2)
      sexp_processor (~> 4.1)
    rubyntlm (0.3.4)
    rubyzip (1.1.0)
    rvmcapistrano (1.5.1)
      capistrano (~> 2.15.4)
    sass (3.2.13)
    sassrails (3.2.6)
      railties (~> 3.2.0)
      sass (>= 3.1.10)
      tilt (~> 1.3)
    savon (2.3.3)
      akami (~> 1.2.0)
      builder (>= 2.1.2)
      gyoku (~> 1.1.0)
      httpi (~> 2.1.0)
      nokogiri (>= 1.4.0)
      nori (~> 2.3.0)
      wasabi (~> 3.2.2)
    selenium (0.2.11)
      jar_wrapper
    seleniumwebdriver (2.39.0)
      childprocess (>= 0.2.5)
      multi_json (~> 1.0)
      rubyzip (~> 1.0)
      websocket (~> 1.0.4)
    settingslogic (2.0.9)
    sexp_processor (4.4.1)
    shoulda (3.5.0)
      shouldacontext (~> 1.0, >= 1.0.1)
      shouldamatchers (>= 1.4.1, < 3.0)
    shouldacontext (1.1.6)
    shouldamatchers (2.5.0)
      activesupport (>= 3.0.0)
    simplecov (0.8.2)
      docile (~> 1.1.0)
      multi_json
      simplecovhtml (~> 0.8.0)
    simplecovhtml (0.8.0)
    sinatra (1.4.4)
      rack (~> 1.4)
      rackprotection (~> 1.4)
      tilt (~> 1.3, >= 1.3.4)
    slim (2.0.2)
      temple (~> 0.6.6)
      tilt (>= 1.3.3, < 2.1)
    slop (3.4.7)
    smarter_csv (1.0.17)
    spreadsheet (0.7.7)
      rubyole (>= 1.0)
    sprockets (2.2.2)
      hike (~> 1.2)
      multi_json (~> 1.0)
      rack (~> 1.0)
      tilt (~> 1.1, != 1.3.0)
    strong_parameters (0.2.3)
      actionpack (~> 3.0)
      activemodel (~> 3.0)
      activesupport (~> 3.0)
      railties (~> 3.0)
    temple (0.6.7)
    terminaltable (1.4.5)
    therubyracer (0.12.0)
      libv8 (~> 3.16.14.0)
      ref
    thin (1.6.1)
      daemons (>= 1.0.9)
      eventmachine (>= 1.0.0)
      rack (>= 1.0.0)
    thor (0.18.1)
    tilt (1.4.1)
    treetop (1.4.15)
      polyglot
      polyglot (>= 0.3.1)
    twitterbootstraprails (2.2.8)
      actionpack (>= 3.1)
      execjs
      rails (>= 3.1)
      railties (>= 3.1)
    tzinfo (0.3.39)
    uglifier (2.4.0)
      execjs (>= 0.3.0)
      json (>= 1.8.0)
    useragent (0.10.0)
    uuidtools (2.1.4)
    vegas (0.1.11)
      rack (>= 1.0.0)
    warden (1.1.1)
      rack (>= 1.0)
    wasabi (3.2.3)
      httpi (~> 2.0)
      mimetypes (< 2.0.0)
      nokogiri (>= 1.4.0)
    websocket (1.0.7)
    whenever (0.9.2)
      activesupport (>= 2.3.4)
      chronic (>= 0.6.3)
    xpath (2.0.0)
      nokogiri (~> 1.3)
    zip (2.0.2)

PLATFORMS
  ruby

DEPENDENCIES
  activerecordoracle_enhancedadapter (= 1.4.2)
  brakeman
  capistrano
  capistranoext
  capybara (>= 2.0.3)
  coffeerails (~> 3.2.1)
  cucumberrails
  database_cleaner (>= 1.0.0.RC1)
  devise (= 2.1.0)
  devise_security_extension
  email_spec (>= 1.4.0)
  encryptor
  factory_girl_rails (>= 4.2.0)
  faker
  headless
  high_voltage (~> 2.1.0)
  jquerydatatablesrails!
  jqueryrails
  jqueryuirails
  pry
  quiet_assets
  rails (= 3.2.17)
  redisrackcache
  redisrails
  resque
  resquestatus
  restclient
  rspeccore
  rspecrails (>= 2.12.2)
  rubyoci8 (= 2.1.5)
  rvmcapistrano
  sassrails (~> 3.2.3)
  savon
  selenium
  seleniumwebdriver
  settingslogic
  shoulda
  shouldamatchers
  simplecov
  smarter_csv
  spreadsheet (= 0.7.7)
  strong_parameters
  therubyracer
  thin
  twitterbootstraprails
  uglifier (>= 1.0.3)
  useragent
  uuidtools
  whenever